GEM
  remote: https://rubygems.org/
  specs:
    activesupport (3.2.13)
      i18n (= 0.6.1)
      multi_json (~> 1.0)
    addressable (2.3.4)
    auto_excerpt (0.7.1)
    backports (2.8.2)
    builder (3.0.4)
    chunky_png (1.2.8)
    coderay (1.0.9)
    coffee-script (2.2.0)
      coffee-script-source
      execjs
    coffee-script-source (1.3.3)
    compass (0.12.2)
      chunky_png (~> 1.2)
      fssm (>= 0.2.7)
      sass (~> 3.1)
    excon (0.20.1)
    execjs (1.4.0)
      multi_json (~> 1.0)
    faraday (0.8.7)
      multipart-post (~> 1.1)
    faraday_middleware (0.9.0)
      faraday (>= 0.7.4, < 0.9)
    fog (1.10.1)
      builder
      excon (~> 0.20)
      formatador (~> 0.2.0)
      mime-types
      multi_json (~> 1.0)
      net-scp (~> 1.1)
      net-ssh (>= 2.1.3)
      nokogiri (~> 1.5.0)
      ruby-hmac
    formatador (0.2.4)
    fssm (0.2.10)
    gh (0.9.2)
      addressable
      backports
      faraday (~> 0.8)
      multi_json (~> 1.0)
      net-http-persistent (>= 2.7)
      net-http-pipeline
    haml (4.0.1)
      tilt
    highline (1.6.18)
    hike (1.2.1)
    http_router (0.10.2)
      rack (>= 1.0.0)
      url_mount (~> 0.2.1)
    httpclient (2.3.3)
    i18n (0.6.1)
    json (1.7.7)
    launchy (2.2.0)
      addressable (~> 2.3)
    listen (0.7.3)
    map (6.3.0)
    maruku (0.6.1)
      syntax (>= 1.0.0)
    method_source (0.8.1)
    middleman (3.0.13)
      middleman-core (= 3.0.13)
      middleman-more (= 3.0.13)
      middleman-sprockets (~> 3.0.8)
    middleman-blog (3.2.0)
      maruku (~> 0.6.0)
      middleman-core (~> 3.0)
      tzinfo (~> 0.3.0)
    middleman-core (3.0.13)
      activesupport (~> 3.2.6)
      bundler (~> 1.1)
      listen (~> 0.7.3)
      rack (~> 1.4.1)
      rack-test (~> 0.6.1)
      rb-fsevent (~> 0.9.3)
      thor (~> 0.15.4)
      tilt (~> 1.3.6)
    middleman-more (3.0.13)
      coffee-script (~> 2.2.0)
      coffee-script-source (~> 1.3.3)
      compass (>= 0.12.2)
      execjs (~> 1.4.0)
      haml (>= 3.1.6)
      i18n (~> 0.6.0, < 0.6.2)
      maruku (~> 0.6.0)
      middleman-core (= 3.0.13)
      padrino-helpers (= 0.10.7)
      sass (>= 3.1.20)
      uglifier (~> 1.2.6)
    middleman-s3_sync (3.0.10)
      fog
      map
      middleman-core (>= 3.0.0)
      parallel
    middleman-smusher (3.0.0)
      middleman (>= 3.0.0)
      smusher (~> 0.4.9)
    middleman-sprockets (3.0.10)
      middleman-more (>= 3.0.11)
      sprockets (~> 2.1, < 2.5)
      sprockets-sass (~> 0.9.1)
    mime-types (1.22)
    multi_json (1.7.2)
    multipart-post (1.2.0)
    net-http-persistent (2.8)
    net-http-pipeline (1.0.1)
    net-scp (1.1.0)
      net-ssh (>= 2.6.5)
    net-ssh (2.6.7)
    netrc (0.7.7)
    nokogiri (1.5.9)
    padrino-core (0.10.7)
      activesupport (~> 3.2.0)
      http_router (~> 0.10.2)
      sinatra (~> 1.3.1)
      thor (~> 0.15.2)
      tilt (~> 1.3.0)
    padrino-helpers (0.10.7)
      i18n (~> 0.6)
      padrino-core (= 0.10.7)
    parallel (0.6.4)
    pry (0.9.12)
      coderay (~> 1.0.5)
      method_source (~> 0.8)
      slop (~> 3.4)
    rack (1.4.5)
    rack-protection (1.5.0)
      rack
    rack-test (0.6.2)
      rack (>= 1.0)
    rake (10.0.4)
    rb-fsevent (0.9.3)
    redcarpet (2.2.2)
    ruby-hmac (0.4.0)
    sass (3.2.7)
    sinatra (1.3.6)
      rack (~> 1.4)
      rack-protection (~> 1.3)
      tilt (~> 1.3, >= 1.3.3)
    slop (3.4.4)
    smusher (0.4.9)
      httpclient (>= 2.2)
      json
      rake
    sprockets (2.4.5)
      hike (~> 1.2)
      multi_json (~> 1.0)
      rack (~> 1.0)
      tilt (~> 1.1, != 1.3.0)
    sprockets-sass (0.9.1)
      sprockets (~> 2.0)
      tilt (~> 1.1)
    susy (1.0.8)
      compass (>= 0.12.2)
      sass (>= 3.2.0)
    syntax (1.0.0)
    thor (0.15.4)
    tilt (1.3.7)
    travis (1.2.0)
      backports (~> 2.6)
      faraday (~> 0.8)
      faraday_middleware (~> 0.9)
      gh (~> 0.9)
      highline (~> 1.6)
      launchy (~> 2.1)
      net-http-persistent (~> 2.8)
      netrc (~> 0.7)
      pry (~> 0.9)
    tzinfo (0.3.37)
    uglifier (1.2.7)
      execjs (>= 0.3.0)
      multi_json (~> 1.3)
    url_mount (0.2.1)
      rack

PLATFORMS
  ruby

DEPENDENCIES
  auto_excerpt
  builder (~> 3.0.0)
  middleman (~> 3.0.13)
  middleman-blog (~> 3.2.0)
  middleman-s3_sync
  middleman-smusher
  rake
  redcarpet
  susy
  travis
