PATH
  remote: ../middleman-s3_sync
  specs:
    middleman-s3_sync (4.6.1)
      ansi (~> 1.5.0)
      aws-sdk-cloudfront
      aws-sdk-s3
      base64
      map
      middleman-cli
      middleman-core
      mime-types (~> 3.1)
      nokogiri (>= 1.18.4)
      parallel
      ruby-progressbar
      unf

GEM
  remote: https://rubygems.org/
  specs:
    activesupport (8.0.2)
      base64
      benchmark (>= 0.3)
      bigdecimal
      concurrent-ruby (~> 1.0, >= 1.3.1)
      connection_pool (>= 2.2.5)
      drb
      i18n (>= 1.6, < 2)
      logger (>= 1.4.2)
      minitest (>= 5.1)
      securerandom (>= 0.3)
      tzinfo (~> 2.0, >= 2.0.5)
      uri (>= 0.13.1)
    addressable (2.8.7)
      public_suffix (>= 2.0.2, < 7.0)
    ansi (1.5.0)
    ast (2.4.3)
    auto_excerpt (0.7.1)
    aws-eventstream (1.3.2)
    aws-partitions (1.1107.0)
    aws-sdk-cloudfront (1.118.0)
      aws-sdk-core (~> 3, >= 3.216.0)
      aws-sigv4 (~> 1.5)
    aws-sdk-core (3.224.0)
      aws-eventstream (~> 1, >= 1.3.0)
      aws-partitions (~> 1, >= 1.992.0)
      aws-sigv4 (~> 1.9)
      base64
      jmespath (~> 1, >= 1.6.1)
      logger
    aws-sdk-kms (1.101.0)
      aws-sdk-core (~> 3, >= 3.216.0)
      aws-sigv4 (~> 1.5)
    aws-sdk-s3 (1.186.1)
      aws-sdk-core (~> 3, >= 3.216.0)
      aws-sdk-kms (~> 1)
      aws-sigv4 (~> 1.5)
    aws-sigv4 (1.11.0)
      aws-eventstream (~> 1, >= 1.0.2)
    backport (1.2.0)
    base64 (0.2.0)
    benchmark (0.4.0)
    bigdecimal (3.1.9)
    builder (3.3.0)
    coffee-script (2.4.1)
      coffee-script-source
      execjs
    coffee-script-source (1.12.2)
    concurrent-ruby (1.3.5)
    connection_pool (2.5.3)
    contracts (0.17.2)
    csv (3.3.4)
    diff-lcs (1.6.1)
    dotenv (3.1.8)
    drb (2.2.3)
    em-websocket (0.5.3)
      eventmachine (>= 0.12.9)
      http_parser.rb (~> 0)
    erubi (1.13.1)
    eventmachine (1.2.7)
    execjs (2.10.0)
    fast_blank (1.0.1)
    fastimage (2.4.0)
    ffi (1.17.2-arm64-darwin)
    haml (6.3.0)
      temple (>= 0.8.2)
      thor
      tilt
    hamster (3.0.0)
      concurrent-ruby (~> 1.0)
    hashie (5.0.0)
    htmlcompressor (0.2.0)
    http_parser.rb (0.8.0)
    httparty (0.23.1)
      csv
      mini_mime (>= 1.0.0)
      multi_xml (>= 0.5.2)
    i18n (1.14.7)
      concurrent-ruby (~> 1.0)
    jaro_winkler (1.6.0)
    jmespath (1.6.2)
    json (2.10.2)
    kramdown (2.5.1)
      rexml (>= 3.3.9)
    kramdown-parser-gfm (1.1.0)
      kramdown (~> 2.0)
    language_server-protocol (3.17.0.4)
    lint_roller (1.1.0)
    listen (3.9.0)
      rb-fsevent (~> 0.10, >= 0.10.3)
      rb-inotify (~> 0.9, >= 0.9.10)
    logger (1.7.0)
    map (6.6.0)
    memoist (0.16.2)
    middleman (4.6.0)
      middleman-cli (= 4.6.0)
      middleman-core (= 4.6.0)
    middleman-blog (4.1.0)
      addressable (~> 2.3)
      middleman-core (>= 4.0.0)
      tzinfo (>= 0.3.0)
    middleman-cli (4.6.0)
      thor (>= 0.17.0, < 1.3.0)
    middleman-core (4.6.0)
      activesupport (>= 6.1)
      addressable (~> 2.4)
      bundler (~> 2.0)
      coffee-script (~> 2.2)
      contracts
      dotenv
      erubi
      execjs (~> 2.0)
      fast_blank
      fastimage (~> 2.0)
      haml (>= 4.0.5)
      hamster (~> 3.0)
      hashie (>= 3.4, < 6.0)
      i18n (>= 1.6, < 1.15)
      kramdown (~> 2.4)
      listen (~> 3.0)
      memoist (~> 0.14)
      padrino-helpers (~> 0.15.0)
      parallel
      rack (>= 3)
      rackup
      sassc (~> 2.0)
      servolux
      tilt (~> 2.2)
      toml
      uglifier (>= 3, < 5)
      webrick
    middleman-dotenv (2.0.0)
      dotenv (>= 2.0)
      middleman-core (>= 4.0)
    middleman-livereload (3.4.7)
      em-websocket (~> 0.5.1)
      middleman-core (>= 3.3)
      rack-livereload (~> 0.3.15)
    middleman-minify-html (3.4.1)
      htmlcompressor (~> 0.2.0)
      middleman-core (>= 3.2)
    middleman-syntax (3.5.0)
      middleman-core (>= 3.2)
      rouge (~> 3.2)
    mime-types (3.7.0)
      logger
      mime-types-data (~> 3.2025, >= 3.2025.0507)
    mime-types-data (3.2025.0520)
    mini_mime (1.1.5)
    minitest (5.25.5)
    multi_xml (0.7.1)
      bigdecimal (~> 3.1)
    nokogiri (1.18.8-arm64-darwin)
      racc (~> 1.4)
    observer (0.1.2)
    ostruct (0.6.1)
    padrino-helpers (0.15.3)
      i18n (>= 0.6.7, < 2)
      padrino-support (= 0.15.3)
      tilt (>= 1.4.1, < 3)
    padrino-support (0.15.3)
    parallel (1.27.0)
    parser (3.3.8.0)
      ast (~> 2.4.1)
      racc
    parslet (2.0.0)
    prism (1.4.0)
    public_suffix (6.0.2)
    racc (1.8.1)
    rack (3.1.15)
    rack-livereload (0.3.17)
      rack
    rackup (2.2.1)
      rack (>= 3)
    rainbow (3.1.1)
    rake (13.2.1)
    rb-fsevent (0.11.2)
    rb-inotify (0.11.1)
      ffi (~> 1.0)
    rbs (3.9.2)
      logger
    redcarpet (3.6.1)
    regexp_parser (2.10.0)
    reverse_markdown (3.0.0)
      nokogiri
    rexml (3.4.1)
    rouge (3.30.0)
    rubocop (1.75.2)
      json (~> 2.3)
      language_server-protocol (~> 3.17.0.2)
      lint_roller (~> 1.1.0)
      parallel (~> 1.10)
      parser (>= 3.3.0.2)
      rainbow (>= 2.2.2, < 4.0)
      regexp_parser (>= 2.9.3, < 3.0)
      rubocop-ast (>= 1.44.0, < 2.0)
      ruby-progressbar (~> 1.7)
      unicode-display_width (>= 2.4.0, < 4.0)
    rubocop-ast (1.44.1)
      parser (>= 3.3.7.2)
      prism (~> 1.4)
    ruby-progressbar (1.13.0)
    sass (3.4.25)
    sassc (2.4.0)
      ffi (~> 1.9)
    securerandom (0.4.1)
    servolux (0.13.0)
    solargraph (0.53.4)
      backport (~> 1.2)
      benchmark
      bundler (~> 2.0)
      diff-lcs (~> 1.4)
      jaro_winkler (~> 1.6)
      kramdown (~> 2.3)
      kramdown-parser-gfm (~> 1.1)
      logger (~> 1.6)
      observer (~> 0.1)
      ostruct (~> 0.6)
      parser (~> 3.0)
      rbs (~> 3.3)
      reverse_markdown (>= 2.0, < 4)
      rubocop (~> 1.38)
      thor (~> 1.0)
      tilt (~> 2.0)
      yard (~> 0.9, >= 0.9.24)
      yard-solargraph (~> 0.1)
    susy (2.2.14)
      sass (>= 3.3.0, < 3.5)
    temple (0.10.3)
    thor (1.2.2)
    tilt (2.6.0)
    toml (0.3.0)
      parslet (>= 1.8.0, < 3.0.0)
    tzinfo (2.0.6)
      concurrent-ruby (~> 1.0)
    uglifier (4.2.1)
      execjs (>= 0.3.0, < 3)
    unf (0.2.0)
    unicode-display_width (3.1.4)
      unicode-emoji (~> 4.0, >= 4.0.4)
    unicode-emoji (4.0.4)
    uri (1.0.3)
    webrick (1.9.1)
    yard (0.9.37)
    yard-solargraph (0.1.0)
      yard (~> 0.9)

PLATFORMS
  arm64-darwin

DEPENDENCIES
  auto_excerpt
  builder (>= 3.0.0)
  httparty
  middleman (>= 4.5.0)
  middleman-blog
  middleman-dotenv
  middleman-livereload
  middleman-minify-html
  middleman-s3_sync!
  middleman-syntax
  rake
  redcarpet
  rubocop
  solargraph
  susy

BUNDLED WITH
   2.5.10
